PATH
  remote: .
  specs:
    opencc (1.1.3)
      ffi (~> 1.15, >= 1.15.5)

GEM
  remote: https://rubygems.org/
  specs:
    ffi (1.15.5)
    rake (13.0.6)

PLATFORMS
  x86_64-linux

DEPENDENCIES
  opencc!
  rake (~> 13.0)

BUNDLED WITH
   2.3.3
